GEM
  remote: https://rubygems.org/
  specs:
    addressable (2.8.0)
      public_suffix (>= 2.0.2, < 5.0)
    crack (0.4.3)
      safe_yaml (~> 1.0.0)
    delayer (0.0.2)
    delayer-deferred (2.0.0)
      delayer (>= 0.0.2, < 0.1)
    diva (2.0.1)
      addressable (>= 2.5.2, < 3.0)
    hashdiff (0.3.9)
    idn-ruby (0.1.0)
    instance_storage (1.0.0)
    json_pure (1.8.6)
    memoist (0.16.0)
    metaclass (0.0.4)
    mocha (0.14.0)
      metaclass (~> 0.0.1)
    oauth (0.5.4)
    pluggaloid (1.1.2)
      delayer
      instance_storage (>= 1.0.0, < 2.0.0)
    power_assert (1.1.4)
    public_suffix (4.0.7)
    rake (10.5.0)
    ruby-hmac (0.4.0)
    ruby-prof (0.17.0)
    safe_yaml (1.0.5)
    test-unit (3.3.2)
      power_assert
    twitter-text (3.0.0)
      idn-ruby
      unf (~> 0.1.0)
    typed-array (0.1.2)
    unf (0.1.4)
      unf_ext
    unf_ext (0.0.7.6)
    watch (0.1.0)
    webmock (1.24.6)
      addressable (>= 2.3.6)
      crack (>= 0.3.2)
      hashdiff

PLATFORMS
  ruby

DEPENDENCIES
  addressable (>= 2.5.2, < 2.9)
  delayer (~> 0.0)
  delayer-deferred (>= 2.0, < 3.0)
  diva (>= 0.3.2, < 3.0)
  json_pure (~> 1.8)
  memoist (>= 0.16, < 0.17)
  mocha (~> 0.14)
  oauth (>= 0.5.1)
  pluggaloid (>= 1.1.1, < 2.0)
  rake (~> 10.1)
  ruby-hmac (~> 0.4)
  ruby-prof
  test-unit (~> 3.0)
  twitter-text (>= 2.1.0)
  typed-array (~> 0.1)
  watch (~> 0.1)
  webmock (~> 1.17)

RUBY VERSION
   ruby 2.5.5p157

BUNDLED WITH
   1.17.2
